GEM
  remote: https://rubygems.org/
  specs:
    addressable (2.3.5)
    rack (1.5.2)
    rack-canonical-host (0.0.8)
      addressable
      rack (~> 1.0)
    rack-rewrite (1.5.0)

PLATFORMS
  ruby

DEPENDENCIES
  rack
  rack-canonical-host
  rack-rewrite
